PATH
  remote: .
  specs:
    riaction (0.0.1)
      activerecord
      activesupport (~> 2.0)
      faraday
      faraday-stack
      resque

GEM
  remote: http://rubygems.org/
  specs:
    activerecord (2.3.14)
      activesupport (= 2.3.14)
    activesupport (2.3.14)
    addressable (2.2.6)
    diff-lcs (1.1.3)
    faraday (0.7.5)
      addressable (~> 2.2.6)
      multipart-post (~> 1.1.3)
      rack (>= 1.1.0, < 2)
    faraday-stack (0.1.3)
      faraday (~> 0.6)
    multi_json (1.0.3)
    multipart-post (1.1.3)
    rack (1.3.5)
    rack-protection (1.1.4)
      rack
    redis (2.2.2)
    redis-namespace (1.0.3)
      redis (< 3.0.0)
    resque (1.19.0)
      multi_json (~> 1.0)
      redis-namespace (~> 1.0.2)
      sinatra (>= 0.9.2)
      vegas (~> 0.1.2)
    rspec (2.7.0)
      rspec-core (~> 2.7.0)
      rspec-expectations (~> 2.7.0)
      rspec-mocks (~> 2.7.0)
    rspec-core (2.7.1)
    rspec-expectations (2.7.0)
      diff-lcs (~> 1.1.2)
    rspec-mocks (2.7.0)
    sinatra (1.3.1)
      rack (~> 1.3, >= 1.3.4)
      rack-protection (~> 1.1, >= 1.1.2)
      tilt (~> 1.3, >= 1.3.3)
    tilt (1.3.3)
    vegas (0.1.8)
      rack (>= 1.0.0)

PLATFORMS
  ruby

DEPENDENCIES
  riaction!
  rspec (~> 2.6)
